PATH
  remote: .
  specs:
    docker-registry (0.2.0)
      faraday (~> 0.17)
      json (~> 2.2)

GEM
  remote: https://rubygems.org/
  specs:
    ansi (1.5.0)
    builder (3.2.3)
    coderay (1.1.2)
    faraday (0.17.0)
      multipart-post (>= 1.2, < 3)
    json (2.2.0)
    method_source (0.9.2)
    minitest (5.13.0)
    minitest-reporters (1.4.2)
      ansi
      builder
      minitest (>= 5.0)
      ruby-progressbar
    multipart-post (2.1.1)
    pry (0.12.2)
      coderay (~> 1.1.0)
      method_source (~> 0.9.0)
    rake (12.3.3)
    ruby-progressbar (1.10.1)
    vcr (5.0.0)

PLATFORMS
  ruby

DEPENDENCIES
  docker-registry!
  minitest (~> 5.13)
  minitest-reporters (~> 1.4)
  pry
  rake (~> 12.3)
  vcr (~> 5.0)

BUNDLED WITH
   2.0.2
