PATH
  remote: .
  specs:
    docker-registry (0.2.2)
      faraday (~> 1)
      oj (~> 3.0)

GEM
  remote: https://rubygems.org/
  specs:
    ansi (1.5.0)
    builder (3.2.4)
    coderay (1.1.3)
    faraday (1.0.1)
      multipart-post (>= 1.2, < 3)
    method_source (1.0.0)
    minitest (5.14.1)
    minitest-reporters (1.4.2)
      ansi
      builder
      minitest (>= 5.0)
      ruby-progressbar
    multipart-post (2.1.1)
    oj (3.10.6)
    pry (0.13.1)
      coderay (~> 1.1)
      method_source (~> 1.0)
    rake (12.3.3)
    ruby-progressbar (1.10.1)
    vcr (5.1.0)

PLATFORMS
  ruby

DEPENDENCIES
  docker-registry!
  minitest (~> 5.13)
  minitest-reporters (> 1)
  pry
  rake (~> 12.3)
  vcr (~> 5.0)

BUNDLED WITH
   2.1.4
